GEM
  remote: https://rubygems.org/
  specs:
    game_life (1.0.1)

PLATFORMS
  ruby

DEPENDENCIES
  game_life (>= 1.0.1)
