GEM
  remote: https://rubygems.org/
  specs:
    colored (1.2)
    gems (0.8.3)

PLATFORMS
  ruby

DEPENDENCIES
  colored(= 1.2)
  gems (= 0.8.3) 
