GEM
  remote: https://rubygems.org/
  specs:
    colorize (0.7.7)
    httparty (0.13.7)
      json (~> 1.8)
      multi_xml (>= 0.5.2)
    json (1.8.1)
    multi_xml (0.5.5)

PLATFORMS
  ruby

DEPENDENCIES
  colorize
  httparty

BUNDLED WITH
   1.10.6
