GEM
  remote: https://rubygems.org/
  specs:
    colored (1.2)
    json (1.8.3)

PLATFORMS
  ruby

DEPENDENCIES
  colored
  json

BUNDLED WITH
   1.10.6
