GEM
  remote: https://rubygems.org/
  specs:
    colorize (0.7.7)
    curb (0.8.8)
    json (1.8.3)

PLATFORMS
  ruby

DEPENDENCIES
  colorize
  curb
  json
