GEM
  remote: https://rubygems.org/
  specs:
    colorize (0.7.7)
    json (1.8.3)

PLATFORMS
  ruby

DEPENDENCIES
  colorize (= 0.7.7)
  json (= 1.8.3)
