GEM
  remote: https://rubygems.org/
  specs:
    colored (1.2)
    mini_portile (0.6.2)
    nokogiri (1.6.6.2)
      mini_portile (~> 0.6.0)

PLATFORMS
  ruby

DEPENDENCIES
  colored
  nokogiri

BUNDLED WITH
   1.10.6
