GEM
  remote: https://rubygems.org/
  specs:
    curses (1.0.1)

PLATFORMS
  ruby

DEPENDENCIES
  curses
