GEM
  remote: https://rubygems.org/
  specs:
    ruby-terminfo (0.1.1)

PLATFORMS
  ruby

DEPENDENCIES
  ruby-terminfo (~> 0.1.1)

BUNDLED WITH
   1.10.6
