GEM
  remote: https://rubygems.org/
  specs:
    colored (1.2)
    mini_portile (0.6.2)
    mixlib-cli (1.5.0)
    nokogiri (1.6.6.2)
      mini_portile (~> 0.6.0)

PLATFORMS
  ruby

DEPENDENCIES
  colored
  mixlib-cli (~> 1.5)
  nokogiri

BUNDLED WITH
   1.10.6
