GEM
  remote: https://rubygems.org/
  specs:
    byebug (4.0.5)
      columnize (= 0.9.0)
    celluloid (0.16.0)
      timers (~> 4.0.0)
    coderay (1.1.0)
    columnize (0.9.0)
    curses (1.0.1)
    ffi (1.9.8)
    hitimes (1.2.2)
    listen (2.10.0)
      celluloid (~> 0.16.0)
      rb-fsevent (>= 0.9.3)
      rb-inotify (>= 0.9)
    method_source (0.8.2)
    narray (0.6.1.1)
    nlife (0.2.0)
      curses (~> 1.0, >= 1.0.1)
      narray (~> 0.6.1, >= 0.6.1.1)
      numru-misc (~> 0.1.2)
      ruby-fftw3 (~> 0.4.2)
    numru-misc (0.1.2)
      narray (>= 0.5.5)
    pry (0.10.1)
      coderay (~> 1.1.0)
      method_source (~> 0.8.1)
      slop (~> 3.4)
    pry-byebug (3.1.0)
      byebug (~> 4.0)
      pry (~> 0.10)
    rack (1.6.1)
    rack-protection (1.5.3)
      rack
    rb-fsevent (0.9.5)
    rb-inotify (0.9.5)
      ffi (>= 0.5.0)
    rerun (0.10.0)
      listen (~> 2.7, >= 2.7.3)
    ruby-fftw3 (0.4.2)
      narray
    sinatra (1.4.6)
      rack (~> 1.4)
      rack-protection (~> 1.4)
      tilt (>= 1.3, < 3)
    slim (3.0.6)
      temple (~> 0.7.3)
      tilt (>= 1.3.3, < 2.1)
    slop (3.6.0)
    temple (0.7.6)
    tilt (2.0.1)
    timers (4.0.1)
      hitimes

PLATFORMS
  ruby

DEPENDENCIES
  nlife (~> 0.2.0)
  pry
  pry-byebug
  rerun
  sinatra
  slim

BUNDLED WITH
   1.10.2
