GEM
+  remote: https://rubygems.org/
+  specs:
+    colorize (0.7.7)
+    nokogiri (1.6.6.2)
+
+
+PLATFORMS
+  ruby
+
+DEPENDENCIES
+  colorize
+  nokogiri
+
+BUNDLED WITH
+   1.10.6
