GEM
  remote: https://rubygems.org/
  specs:
    colored (0.7.7)

PLATFORMS
  ruby

DEPENDENCIES
  colored
