GEM
  remote: https://rubygems.org/
  specs:
    colorize (0.7.7)
    gems (0.8.3)

PLATFORMS
  ruby

DEPENDENCIES
  colorize
  gems
